GIT
  remote: git://github.com/rubymotion/BubbleWrap.git
  revision: 88a7c4ec1658d74da44049c03d7451664662c218
  specs:
    bubble-wrap (1.1.3)

GEM
  remote: http://rubygems.org/
  specs:
    motion-dryer (0.0.2)

PLATFORMS
  ruby

DEPENDENCIES
  bubble-wrap!
  motion-dryer
